RESTRICTION: == netcoreapp3.1
NUGET
  remote: https://api.nuget.org/v3/index.json
    Amazon.Lambda.APIGatewayEvents (2.4)
    Amazon.Lambda.Core (2.1)
    Amazon.Lambda.Serialization.SystemTextJson (2.3)
      Amazon.Lambda.Core (>= 2.1)
    Amazon.Lambda.SNSEvents (2.0)
    Amazon.Lambda.SQSEvents (2.1)
    AWSSDK.Core (3.7.10.8)
    AWSSDK.DynamoDBv2 (3.7.3.23)
      AWSSDK.Core (>= 3.7.10.8 < 4.0)
    AWSSDK.SimpleNotificationService (3.7.3.48)
      AWSSDK.Core (>= 3.7.10.8 < 4.0)
    AWSSDK.SQS (3.7.2.45)
      AWSSDK.Core (>= 3.7.10.8 < 4.0)
    FSharp.Core (6.0.3)
    FSharp.Data (4.2.8)
      FSharp.Core (>= 4.7.2)
    Newtonsoft.Json (13.0.1)

GROUP Tests
RESTRICTION: == netcoreapp3.1
NUGET
  remote: https://api.nuget.org/v3/index.json
    Expecto (9.0.4)
      FSharp.Core (>= 4.6)
      Mono.Cecil (>= 0.11.3)
    FSharp.Core (6.0.3)
    Mono.Cecil (0.11.4)
